GEM
  remote: https://rubygems.org/
  specs:
    rack (2.0.4)
    rack-contrib (2.0.1)
      rack (~> 2.0)
    rack-rewrite (1.5.1)

PLATFORMS
  ruby

DEPENDENCIES
  rack
  rack-contrib
  rack-rewrite

BUNDLED WITH
   1.16.1
